GEM
  remote: https://rubygems.org/
  specs:
    async (2.27.2)
      console (~> 1.29)
      fiber-annotation
      io-event (~> 1.11)
      metrics (~> 0.12)
      traces (~> 0.15)
    async-http (0.90.1)
      async (>= 2.10.2)
      async-pool (~> 0.11)
      io-endpoint (~> 0.14)
      io-stream (~> 0.6)
      metrics (~> 0.12)
      protocol-http (~> 0.49)
      protocol-http1 (~> 0.30)
      protocol-http2 (~> 0.22)
      traces (~> 0.10)
    async-pool (0.11.0)
      async (>= 2.0)
    async-redis (0.11.2)
      async (~> 2.10)
      async-pool (~> 0.2)
      io-endpoint (~> 0.10)
      io-stream (~> 0.4)
      protocol-redis (~> 0.9)
    connection_pool (2.5.3)
    console (1.33.0)
      fiber-annotation
      fiber-local (~> 1.1)
      json
    fiber-annotation (0.2.0)
    fiber-local (1.1.0)
      fiber-storage
    fiber-storage (1.0.1)
    io-endpoint (0.15.2)
    io-event (1.11.2)
    io-stream (0.10.0)
    json (2.13.2)
    logger (1.7.0)
    metrics (0.13.0)
    protocol-hpack (1.5.1)
    protocol-http (0.51.1)
    protocol-http1 (0.34.1)
      protocol-http (~> 0.22)
    protocol-http2 (0.22.1)
      protocol-hpack (~> 1.4)
      protocol-http (~> 0.47)
    protocol-redis (0.9.0)
    rack (3.2.0)
    redis (5.4.1)
      redis-client (>= 0.22.0)
    redis-client (0.25.1)
      connection_pool
    sidekiq (8.0.6)
      connection_pool (>= 2.5.0)
      json (>= 2.9.0)
      logger (>= 1.6.2)
      rack (>= 3.1.0)
      redis-client (>= 0.23.2)
    traces (0.16.2)

PLATFORMS
  aarch64-linux
  ruby

DEPENDENCIES
  async
  async-http
  async-redis
  connection_pool
  json
  redis
  sidekiq

BUNDLED WITH
   2.6.9
